PATH
  remote: .
  specs:
    ruby_reportable (0.4.0)

GEM
  remote: https://rubygems.org/
  specs:
    diff-lcs (1.1.3)
    rr (1.0.4)
    rspec (2.10.0)
      rspec-core (~> 2.10.0)
      rspec-expectations (~> 2.10.0)
      rspec-mocks (~> 2.10.0)
    rspec-core (2.10.0)
    rspec-expectations (2.10.0)
      diff-lcs (~> 1.1.3)
    rspec-mocks (2.10.1)

PLATFORMS
  ruby

DEPENDENCIES
  rr
  rspec
  ruby_reportable!
